PATH
  remote: .
  specs:
    build_bot (0.0.1)
      ffi-libsodium (>= 0.0.8)
      multi_json (>= 1.10.1)
      rack (>= 1.5.2)
      rake
      webmachine (>= 1.2.2)

GEM
  remote: https://rubygems.org/
  specs:
    as-notifications (1.0.1)
    diff-lcs (1.2.5)
    ffi (1.9.6)
    ffi-libsodium (0.0.8)
      ffi (>= 1.9.5)
    i18n (0.6.11)
    jrjackson (0.2.7)
    multi_json (1.10.1)
    rack (1.5.2)
    rake (10.3.2)
    rspec (3.1.0)
      rspec-core (~> 3.1.0)
      rspec-expectations (~> 3.1.0)
      rspec-mocks (~> 3.1.0)
    rspec-core (3.1.6)
      rspec-support (~> 3.1.0)
    rspec-expectations (3.1.2)
      diff-lcs (>= 1.2.0, < 2.0)
      rspec-support (~> 3.1.0)
    rspec-mocks (3.1.3)
      rspec-support (~> 3.1.0)
    rspec-support (3.1.2)
    webmachine (1.2.2)
      as-notifications (~> 1.0)
      i18n (>= 0.4.0)
      multi_json
    webmachine-test (0.2.1)
      webmachine
    yajl-ruby (1.2.1)

PLATFORMS
  java
  ruby

DEPENDENCIES
  build_bot!
  jrjackson
  rspec (>= 3.1.0)
  webmachine-test (>= 0.2.1)
  yajl-ruby
